GEM
  remote: https://rubygems.org/
  specs:
    mqtt (0.3.1)

PLATFORMS
  ruby

DEPENDENCIES
  mqtt (~> 0.3.1)

BUNDLED WITH
   1.11.2
